GEM
  remote: http://rubygems.org/
  specs:
    addressable (2.2.8)
    coderay (1.0.8)
    data_objects (0.10.11)
      addressable (~> 2.1)
    dm-core (1.2.0)
      addressable (~> 2.2.6)
    dm-do-adapter (1.2.0)
      data_objects (~> 0.10.6)
      dm-core (~> 1.2.0)
    dm-migrations (1.2.0)
      dm-core (~> 1.2.0)
    dm-sqlite-adapter (1.2.0)
      dm-do-adapter (~> 1.2.0)
      do_sqlite3 (~> 0.10.6)
    dm-timestamps (1.2.0)
      dm-core (~> 1.2.0)
    dm-validations (1.2.0)
      dm-core (~> 1.2.0)
    do_sqlite3 (0.10.11)
      data_objects (= 0.10.11)
    haml (3.1.7)
    haml-coderay (0.2.0)
      coderay
      haml
    rack (1.4.5)
    rack-protection (1.3.2)
      rack
    rdiscount (2.0.7.1)
    shotgun (0.9)
      rack (>= 1.0)
    sinatra (1.3.1)
      rack (~> 1.3, >= 1.3.4)
      rack-protection (~> 1.1, >= 1.1.2)
      tilt (~> 1.3, >= 1.3.3)
    tilt (1.3.4)

PLATFORMS
  ruby

DEPENDENCIES
  dm-core
  dm-migrations
  dm-sqlite-adapter
  dm-timestamps
  dm-validations
  haml
  haml-coderay
  rdiscount
  shotgun (= 0.9)
  sinatra (= 1.3.1)
